GEM
  remote: http://rubygems.org/
  specs:
    backports (1.18.2)
    emk-sinatra-url-for (0.2.1)
      sinatra (>= 0.9.1.1)
    haml (3.0.24)
    hpricot (0.8.3)
    json (1.5.1)
    monkey-lib (0.5.4)
      backports
    rack (1.2.1)
    sinatra (1.1.0)
      rack (~> 1.1)
      tilt (~> 1.1)
    sinatra-advanced-routes (0.5.1)
      monkey-lib (~> 0.5.0)
      sinatra (~> 1.0)
      sinatra-sugar (~> 0.5.0)
    sinatra-reloader (0.5.0)
      sinatra (~> 1.0)
      sinatra-advanced-routes (~> 0.5.0)
    sinatra-static-assets (0.5.0)
      emk-sinatra-url-for (>= 0.2.1)
      rack (>= 1.0.0)
      sinatra (>= 0.9.1)
    sinatra-sugar (0.5.0)
      monkey-lib (~> 0.5.0)
      sinatra (~> 1.0)
    tilt (1.2.2)

PLATFORMS
  ruby

DEPENDENCIES
  haml (= 3.0.24)
  hpricot
  json
  sinatra (= 1.1.0)
  sinatra-reloader
  sinatra-static-assets
